PATH
  remote: .
  specs:
    webify_ruby (0.0.1)

GEM
  remote: https://rubygems.org/
  specs:
    sqlite3 (1.3.8)

PLATFORMS
  ruby

DEPENDENCIES
  sqlite3
  webify_ruby!
